GIT
  remote: https://github.com/adelevie/parse-ruby-client.git
  revision: a6cd145a5cfccd0555c8ef68ea0a8fae3549f6f3
  specs:
    parse-ruby-client (1.0.0.alpha2)
      faraday (>= 0.9.2)
      faraday_middleware (>= 0.9.2)

GEM
  remote: https://rubygems.org/
  specs:
    daemons (1.2.4)
    dotenv (2.2.0)
    eventmachine (1.2.2)
    eventmachine (1.2.2-x64-mingw32)
    faraday (0.11.0)
      multipart-post (>= 1.2, < 3)
    faraday_middleware (0.11.0.1)
      faraday (>= 0.7.4, < 1.0)
    multipart-post (2.0.0)
    rack (1.6.13)
    rack-protection (1.5.3)
      rack
    sinatra (1.4.8)
      rack (~> 1.5)
      rack-protection (~> 1.4)
      tilt (>= 1.3, < 3)
    thin (1.7.0)
      daemons (~> 1.0, >= 1.0.9)
      eventmachine (~> 1.0, >= 1.0.4)
      rack (>= 1, < 3)
    tilt (2.0.6)

PLATFORMS
  ruby
  x64-mingw32

DEPENDENCIES
  dotenv
  parse-ruby-client!
  sinatra (~> 1.4)
  thin (~> 1.6)

RUBY VERSION
   ruby 2.6.6p146

BUNDLED WITH
   2.0.1
