GIT
  remote: https://github.com/adelevie/parse-ruby-client.git
  revision: 6c73c23fec145e01391782df804271e772a2cfe0
  specs:
    parse-ruby-client (1.0.0.alpha3)
      faraday (>= 0.9.2, < 0.15.0)
      faraday_middleware (>= 0.9.2)

GEM
  remote: https://rubygems.org/
  specs:
    daemons (1.3.1)
    dotenv (2.7.5)
    eventmachine (1.2.7)
    eventmachine (1.2.7-x64-mingw32)
    faraday (0.14.0)
      multipart-post (>= 1.2, < 3)
    faraday_middleware (0.14.0)
      faraday (>= 0.7.4, < 1.0)
    multipart-post (2.1.1)
    mustermann (2.0.2)
      ruby2_keywords (~> 0.0.1)
    rack (2.2.4)
    rack-protection (2.2.3)
      rack
    ruby2_keywords (0.0.5)
    sinatra (2.2.3)
      mustermann (~> 2.0)
      rack (~> 2.2)
      rack-protection (= 2.2.3)
      tilt (~> 2.0)
    thin (1.7.2)
      daemons (~> 1.0, >= 1.0.9)
      eventmachine (~> 1.0, >= 1.0.4)
      rack (>= 1, < 3)
    tilt (2.0.11)

PLATFORMS
  ruby
  x64-mingw32

DEPENDENCIES
  dotenv
  parse-ruby-client!
  sinatra (~> 2.2.3)
  thin (~> 1.7.2)

RUBY VERSION
   ruby 2.6.6p146

BUNDLED WITH
   2.2.9
